GIT
  remote: https://github.com/OpenRedu/invitable.git
  revision: 8f56a767909ab59220964304fb78364f49a42315
  specs:
    invitable (0.0.7)
      rails (>= 3.0.10)

GIT
  remote: https://github.com/jongilbraith/simple-private-messages.git
  revision: 7ba7d3c9f7670ef3bddfc90390a49556a94f7013
  specs:
    simple-private-messages (0.0.0)

GIT
  remote: https://github.com/patmaddox/no-peeping-toms.git
  revision: 7e4148731caf9a09d8f3c91a8e5303d369753643
  specs:
    no_peeping_toms (2.1.3)
      activerecord (>= 3.0.0)
      activesupport (>= 3.0.0)

GIT
  remote: https://github.com/redu/analytics.git
  revision: a777409d456f6e14894eac8e011f7046a14a1ae1
  specs:
    redu_analytics (0.0.3)
      lazy_high_charts

GIT
  remote: https://github.com/redu/vis_client.git
  revision: 4e73d1de4004d60f63d891c8232e799664b2d5a4
  branch: ruby-1-9-3
  specs:
    vis_client (0.0.7)
      activerecord (~> 3)
      bson_ext (~> 1.5)
      configurable
      delayed_job_mongoid
      faraday
      json
      mongoid (~> 2.7)
      roar
      valium

GEM
  remote: https://rubygems.org/
  specs:
    aasm (3.0.16)
    actionmailer (3.2.22.5)
      actionpack (= 3.2.22.5)
      mail (~> 2.5.4)
    actionpack (3.2.22.5)
      activemodel (= 3.2.22.5)
      activesupport (= 3.2.22.5)
      builder (~> 3.0.0)
      erubis (~> 2.7.0)
      journey (~> 1.0.4)
      rack (~> 1.4.5)
      rack-cache (~> 1.2)
      rack-test (~> 0.6.1)
      sprockets (~> 2.2.1)
    activemodel (3.2.22.5)
      activesupport (= 3.2.22.5)
      builder (~> 3.0.0)
    activerecord (3.2.22.5)
      activemodel (= 3.2.22.5)
      activesupport (= 3.2.22.5)
      arel (~> 3.0.2)
      tzinfo (~> 0.3.29)
    activerecord-import (0.3.1)
      activerecord (~> 3.0)
    activeresource (3.2.22.5)
      activemodel (= 3.2.22.5)
      activesupport (= 3.2.22.5)
    activesupport (3.2.22.5)
      i18n (~> 0.6, >= 0.6.4)
      multi_json (~> 1.0)
    acts-as-taggable-on (2.4.1)
      rails (>= 3, < 5)
    acts_as_tree (0.1.1)
    addressable (2.3.4)
    ajaxful_rating (3.0.0.beta8)
    amq-client (1.0.2)
      amq-protocol (>= 1.2.0)
      eventmachine
    amq-protocol (1.6.0)
    amqp (1.0.2)
      amq-client (~> 1.0.2)
      amq-protocol (>= 1.3.0)
      eventmachine
    arel (3.0.3)
    authlogic (3.3.0)
      activerecord (>= 3.2)
      activesupport (>= 3.2)
    awesome_nested_fields (0.6.4)
      rails (>= 3.0.0)
    bourne (1.4.0)
      mocha (~> 0.13.2)
    bson (1.8.6)
    bson_ext (1.8.6)
      bson (~> 1.8.6)
    builder (3.0.4)
    bunny (0.9.0.pre13)
      amq-protocol (>= 1.6.0)
    cancan (1.6.10)
    childprocess (0.3.9)
      ffi (~> 1.0, >= 1.0.11)
    chronic (0.9.1)
    chunky_png (1.2.8)
    ckeditor (4.1.3)
      cocaine
      orm_adapter (~> 0.5.0)
    classy_enum (3.2.1)
      rails (>= 3.0)
    cocaine (0.3.2)
    compass (0.12.2)
      chunky_png (~> 1.2)
      fssm (>= 0.2.7)
      sass (~> 3.1)
    compass-rails (1.0.3)
      compass (>= 0.12.2, < 0.14)
    config_parser (0.5.5)
    configurable (1.0.0)
      config_parser (~> 0.5.4)
      lazydoc (~> 1.0)
    cookiejar (0.3.0)
    crack (0.3.2)
    css_parser (1.3.4)
      addressable
    daemons (1.0.10)
    dalli (2.6.3)
    date_validator (0.6.4)
      activemodel (>= 3)
    deep_cloneable (1.5.1)
      activerecord (>= 3.1)
    delayed_job (3.0.5)
      activesupport (~> 3.0)
    delayed_job_mongoid (1.1.0)
      delayed_job (~> 3.0)
      mongo (~> 1.6)
      mongoid (>= 2.0)
    destroy_soon (0.0.6)
      activerecord (>= 3.0.20)
      activesupport (>= 3.0.20)
      rake
    diff-lcs (1.2.4)
    domain_name (0.5.20170404)
      unf (>= 0.0.5, < 1.0.0)
    dotenv (2.2.1)
    dotenv-rails (2.2.1)
      dotenv (= 2.2.1)
      railties (>= 3.2, < 5.2)
    dynamic_form (1.1.4)
    em-http-request (1.0.3)
      addressable (>= 2.2.3)
      cookiejar
      em-socksify
      eventmachine (>= 1.0.0.beta.4)
      http_parser.rb (>= 0.5.3)
    em-socksify (0.2.1)
      eventmachine (>= 1.0.0.beta.4)
    erubis (2.7.0)
    eventmachine (1.0.3)
    exceptional (2.0.33)
      rack
    execjs (1.4.0)
      multi_json (~> 1.0)
    ey_config (0.0.6)
    factory_girl (4.2.0)
      activesupport (>= 3.0.0)
    factory_girl_rails (4.2.1)
      factory_girl (~> 4.2.0)
      railties (>= 3.0.0)
    faraday (0.10.1)
      multipart-post (>= 1.2, < 3)
    ffi (1.8.1)
    fssm (0.2.10)
    hash-deep-merge (0.1.1)
    hashie (3.4.4)
    hike (1.2.3)
    hooks (0.3.1)
    htmlentities (4.3.1)
    http-cookie (1.0.3)
      domain_name (~> 0.5)
    http_parser.rb (0.5.3)
    humanizer (2.4.4)
    i18n (0.8.4)
    jasmine (1.3.2)
      jasmine-core (~> 1.3.1)
      rack (~> 1.0)
      rspec (>= 1.3.1)
      selenium-webdriver (>= 0.1.3)
    jasmine-core (1.3.1)
    journey (1.0.4)
    jquery-rails (2.1.3)
      railties (>= 3.1.0, < 5.0)
      thor (~> 0.14)
    json (1.8.6)
    jwt (1.5.6)
    kaminari (0.17.0)
      actionpack (>= 3.0.0)
      activesupport (>= 3.0.0)
    lazy_high_charts (1.5.8)
      hash-deep-merge
    lazydoc (1.0)
    libv8 (3.16.14.15)
    mail (2.5.5)
      mime-types (~> 1.16)
      treetop (~> 1.4.8)
    metaclass (0.0.1)
    mime-types (1.25.1)
    mocha (0.13.3)
      metaclass (~> 0.0.1)
    mongo (1.8.6)
      bson (~> 1.8.6)
    mongoid (2.7.1)
      activemodel (~> 3.1)
      mongo (~> 1.8)
      tzinfo (~> 0.3.22)
    multi_json (1.12.1)
    multi_xml (0.6.0)
    multipart-post (2.0.0)
    mysql2 (0.3.21)
    netrc (0.11.0)
    newrelic_rpm (3.6.2.96)
    nokogiri (1.5.9)
    oauth (0.4.7)
    oauth-plugin (0.4.1)
      multi_json
      oauth (~> 0.4.4)
      oauth2 (>= 0.5.0)
      rack
    oauth2 (1.3.0)
      faraday (>= 0.8, < 0.11)
      jwt (~> 1.0)
      multi_json (~> 1.3)
      multi_xml (~> 0.5)
      rack (>= 1.2, < 3)
    omniauth (1.3.1)
      hashie (>= 1.2, < 4)
      rack (>= 1.0, < 3)
    omniauth-facebook (4.0.0)
      omniauth-oauth2 (~> 1.2)
    omniauth-oauth2 (1.4.0)
      oauth2 (~> 1.0)
      omniauth (~> 1.2)
    orm_adapter (0.5.0)
    paperclip (2.7.5)
      activerecord (>= 2.3.0)
      activesupport (>= 2.3.2)
      cocaine (~> 0.3.0)
      mime-types
    pdf-core (0.7.0)
    pdfkit (0.8.2)
    polyglot (0.3.5)
    pr_geohash (1.0.0)
    prawn (2.2.2)
      pdf-core (~> 0.7.0)
      ttfunk (~> 1.5)
    prawn-table (0.2.2)
      prawn (>= 1.3.0, < 3.0.0)
    premailer (1.7.3)
      css_parser (>= 1.1.9)
      htmlentities (>= 4.0.0)
    premailer-rails (1.4.0)
      premailer (~> 1.7)
      rails (>= 3)
    puma (3.10.0)
    rack (1.4.7)
    rack-cache (1.7.0)
      rack (>= 0.4)
    rack-cors (0.2.7)
      rack
    rack-ssl (1.3.4)
      rack
    rack-test (0.6.3)
      rack (>= 1.0)
    rails (3.2.22.5)
      actionmailer (= 3.2.22.5)
      actionpack (= 3.2.22.5)
      activerecord (= 3.2.22.5)
      activeresource (= 3.2.22.5)
      activesupport (= 3.2.22.5)
      bundler (~> 1.0)
      railties (= 3.2.22.5)
    rails3-generators (1.0.0)
      railties (>= 3.0.0)
    rails_autolink (1.1.0)
      rails (> 3.1)
    railties (3.2.22.5)
      actionpack (= 3.2.22.5)
      activesupport (= 3.2.22.5)
      rack-ssl (~> 1.3.2)
      rake (>= 0.8.7)
      rdoc (~> 3.4)
      thor (>= 0.14.6, < 2.0)
    rake (10.1.0)
    rdoc (3.12.2)
      json (~> 1.4)
    redu-has_friends (1.0.0)
    ref (2.0.0)
    remotipart (1.0.5)
    render_anywhere (0.0.12)
      rails (>= 3.0.7)
    representable (1.5.3)
      multi_json
      nokogiri
    rest-client (1.8.0)
      http-cookie (>= 1.0.2, < 2.0)
      mime-types (>= 1.16, < 3.0)
      netrc (~> 0.7)
    roar (0.11.18)
      representable (>= 1.5.2)
    roar-rails (0.1.0)
      actionpack
      hooks
      railties (>= 3.0.0)
      representable (~> 1.4)
      roar (~> 0.11.13)
      test_xml (>= 0.1.6)
    route_translator (3.1.0)
    rsolr (1.0.9)
      builder (>= 2.1.2)
    rspec (2.13.0)
      rspec-core (~> 2.13.0)
      rspec-expectations (~> 2.13.0)
      rspec-mocks (~> 2.13.0)
    rspec-core (2.13.1)
    rspec-expectations (2.13.0)
      diff-lcs (>= 1.1.3, < 2.0)
    rspec-mocks (2.13.1)
    rspec-rails (2.13.2)
      actionpack (>= 3.0)
      activesupport (>= 3.0)
      railties (>= 3.0)
      rspec-core (~> 2.13.0)
      rspec-expectations (~> 2.13.0)
      rspec-mocks (~> 2.13.0)
    ruby-prof (0.13.0)
    rubyzip (0.9.9)
    sass (3.2.8)
    sass-rails (3.2.6)
      railties (~> 3.2.0)
      sass (>= 3.1.10)
      tilt (~> 1.3)
    selenium-webdriver (2.32.1)
      childprocess (>= 0.2.5)
      multi_json (~> 1.0)
      rubyzip
      websocket (~> 1.0.4)
    shoulda-matchers (1.5.6)
      activesupport (>= 3.0.0)
      bourne (~> 1.3)
    simple-navigation (3.10.1)
      activesupport (>= 2.3.2)
    simple_acts_as_list (0.0.1)
      activesupport
    sprockets (2.2.3)
      hike (~> 1.2)
      multi_json (~> 1.0)
      rack (~> 1.0)
      tilt (~> 1.1, != 1.3.0)
    sunspot (2.0.0)
      pr_geohash (~> 1.0)
      rsolr (~> 1.0.7)
    sunspot_rails (2.0.0)
      nokogiri
      sunspot (= 2.0.0)
    sunspot_solr (2.0.0)
    test_xml (0.1.6)
      nokogiri (>= 1.3.2)
    therubyracer (0.12.2)
      libv8 (~> 3.16.14.0)
      ref
    thor (0.19.4)
    tilt (1.4.1)
    treetop (1.4.15)
      polyglot
      polyglot (>= 0.3.1)
    truncate_html (0.9.2)
    ttfunk (1.5.1)
    turbo-sprockets-rails3 (0.3.6)
      railties (> 3.2.8, < 4.0.0)
      sprockets (>= 2.0.0)
    tzinfo (0.3.53)
    uglifier (2.1.0)
      execjs (>= 0.3.0)
      multi_json (~> 1.0, >= 1.0.2)
    unf (0.1.4)
      unf_ext
    unf_ext (0.0.7.2)
    untied-publisher (0.0.7.pre3)
      activerecord
      amqp
      bunny (>= 0.0.9.pre13)
      configurable
      json
      representable
    useragent (0.6.0)
    valium (0.5.0)
      activerecord (>= 3.0.2)
    webmock (1.11.0)
      addressable (>= 2.2.7)
      crack (>= 0.3.2)
    websocket (1.0.7)
    whenever (0.9.7)
      chronic (>= 0.6.3)
    wkhtmltopdf-binary (0.12.3.1)
    yajl-ruby (1.1.0)

PLATFORMS
  ruby

DEPENDENCIES
  aasm
  activerecord-import
  acts-as-taggable-on (~> 2.4)
  acts_as_tree (~> 0.1.1)
  ajaxful_rating (= 3.0.0.beta8)
  authlogic
  awesome_nested_fields
  bson_ext
  bundler (~> 1.2)
  cancan (~> 1.6.7)
  chronic
  ckeditor (= 4.1.3)
  classy_enum
  compass-rails
  daemons (= 1.0.10)
  dalli
  date_validator
  deep_cloneable
  delayed_job_mongoid
  destroy_soon
  dotenv-rails
  dynamic_form
  em-http-request
  eventmachine
  exceptional
  ey_config
  factory_girl_rails
  humanizer
  invitable!
  jasmine
  jquery-rails (= 2.1.3)
  kaminari
  mime-types
  mysql2 (~> 0.3.21)
  newrelic_rpm
  no_peeping_toms!
  oauth-plugin (~> 0.4.0)
  omniauth
  omniauth-facebook (~> 4.0.0)
  paperclip (~> 2.7.5)
  pdfkit
  prawn
  prawn-table
  premailer-rails
  puma
  rack-cors
  rails (~> 3.2.13)
  rails3-generators
  rails_autolink
  rake (= 10.1.0)
  redu-has_friends (~> 1.0)
  redu_analytics!
  remotipart (~> 1.0)
  render_anywhere
  rest-client
  roar-rails
  route_translator
  rspec-rails (~> 2.13)
  ruby-prof
  rubyzip
  sass-rails (~> 3.2)
  shoulda-matchers (~> 1)
  simple-navigation (~> 3)
  simple-private-messages (= 0.0.0)!
  simple_acts_as_list
  sunspot_rails
  sunspot_solr
  therubyracer
  truncate_html
  turbo-sprockets-rails3
  uglifier (~> 2)
  untied-publisher (~> 0.0.7.pre3)
  useragent
  valium
  vis_client!
  webmock
  whenever
  wkhtmltopdf-binary
  yajl-ruby
